GEM
  remote: https://rubygems.org/
  specs:
    amq-protocol (2.3.3)
    base64 (0.2.0)
    bigdecimal (3.1.9)
    bunny (2.24.0)
      amq-protocol (~> 2.3)
      sorted_set (~> 1, >= 1.0.2)
    dotenv (3.1.7)
    json (2.10.2)
    logger (1.7.0)
    multi_json (1.15.0)
    mustermann (3.0.3)
      ruby2_keywords (~> 0.0.1)
    mysql2 (0.5.6)
    nio4r (2.7.4)
    puma (6.6.0)
      nio4r (~> 2.0)
    rack (3.1.12)
    rack-protection (4.1.1)
      base64 (>= 0.1.0)
      logger (>= 1.6.0)
      rack (>= 3.0.0, < 4)
    rack-session (2.1.0)
      base64 (>= 0.1.0)
      rack (>= 3.0.0)
    rackup (2.2.1)
      rack (>= 3)
    rbtree (0.4.6)
    ruby2_keywords (0.0.5)
    sequel (5.91.0)
      bigdecimal
    set (1.1.1)
    sinatra (4.1.1)
      logger (>= 1.6.0)
      mustermann (~> 3.0)
      rack (>= 3.0.0, < 4)
      rack-protection (= 4.1.1)
      rack-session (>= 2.0.0, < 3)
      tilt (~> 2.0)
    sinatra-contrib (4.1.1)
      multi_json (>= 0.0.2)
      mustermann (~> 3.0)
      rack-protection (= 4.1.1)
      sinatra (= 4.1.1)
      tilt (~> 2.0)
    sorted_set (1.0.3)
      rbtree
      set (~> 1.0)
    tilt (2.6.0)

PLATFORMS
  aarch64-linux

DEPENDENCIES
  bunny
  dotenv
  json
  mysql2
  puma
  rackup
  sequel
  sinatra
  sinatra-contrib

BUNDLED WITH
   2.4.19
